PATH
  remote: .
  specs:
    turboname (0.0.2)
      whois (>= 2.0.0)

GEM
  remote: https://rubygems.org/
  specs:
    rake (10.0.3)
    whois (2.7.0)

PLATFORMS
  ruby

DEPENDENCIES
  bundler (~> 1.3)
  rake
  turboname!
  whois
